GEM
  remote: https://rubygems.org/
  specs:
    ZenTest (4.11.1)
    autotest-rails (4.2.1)
      ZenTest (~> 4.5)
    diff-lcs (1.3)
    rspec (3.8.0)
      rspec-core (~> 3.8.0)
      rspec-expectations (~> 3.8.0)
      rspec-mocks (~> 3.8.0)
    rspec-core (3.8.0)
      rspec-support (~> 3.8.0)
    rspec-expectations (3.8.2)
      diff-lcs (>= 1.2.0, < 2.0)
      rspec-support (~> 3.8.0)
    rspec-mocks (3.8.0)
      diff-lcs (>= 1.2.0, < 2.0)
      rspec-support (~> 3.8.0)
    rspec-support (3.8.0)

PLATFORMS
  ruby

DEPENDENCIES
  autotest-rails
  rspec

RUBY VERSION
   ruby 2.4.1p111

BUNDLED WITH
   1.17.2
